GEM
  specs:
    sqlite3 (1.7.3-arm64-darwin)

PLATFORMS
  arm64-darwin-22
  x86_64-linux

DEPENDENCIES
  sqlite3

BUNDLED WITH
   2.4.17
